PATH
  remote: .
  specs:
    capistrano-calendar (0.1.3)
      capistrano (>= 2.5.5)
      gdata_19 (>= 1.1.0)
      json (~> 1.8.6)

GEM
  remote: http://rubygems.org/
  specs:
    capistrano (2.9.0)
      highline
      net-scp (>= 1.0.0)
      net-sftp (>= 2.0.0)
      net-ssh (>= 2.0.14)
      net-ssh-gateway (>= 1.1.0)
    daemons (1.1.4)
    diff-lcs (1.1.2)
    gdata_19 (1.1.3)
    highline (1.6.11)
    json (1.8.6)
    net-scp (1.0.4)
      net-ssh (>= 1.99.1)
    net-sftp (2.0.5)
      net-ssh (>= 2.0.9)
    net-ssh (2.3.0)
    net-ssh-gateway (1.1.0)
      net-ssh (>= 1.99.1)
    rspec (2.6.0)
      rspec-core (~> 2.6.0)
      rspec-expectations (~> 2.6.0)
      rspec-mocks (~> 2.6.0)
    rspec-core (2.6.4)
    rspec-expectations (2.6.0)
      diff-lcs (~> 1.1.2)
    rspec-mocks (2.6.0)

PLATFORMS
  ruby

DEPENDENCIES
  capistrano (= 2.9.0)
  capistrano-calendar!
  daemons (= 1.1.4)
  gdata_19 (= 1.1.3)
  json (= 1.8.6)
  rspec (= 2.6.0)

BUNDLED WITH
   1.16.2
